PATH
  remote: gem
  specs:
    keyboard_lib (0.1.1)
      libusb

GEM
  remote: https://rubygems.org/
  specs:
    ffi (1.10.0)
    libusb (0.6.4)
      ffi (~> 1.0)
      mini_portile2 (~> 2.1)
    mini_portile2 (2.4.0)

PLATFORMS
  ruby

DEPENDENCIES
  keyboard_lib!

BUNDLED WITH
   1.17.2
