PATH
  remote: ../gem
  specs:
    keyboard_lib (0.1.1)
      libusb

GEM
  remote: https://rubygems.org/
  specs:
    actionview (6.0.3.4)
      activesupport (= 6.0.3.4)
      builder (~> 3.1)
      erubi (~> 1.4)
      rails-dom-testing (~> 2.0)
      rails-html-sanitizer (~> 1.1, >= 1.2.0)
    activemodel (6.0.3.4)
      activesupport (= 6.0.3.4)
    activerecord (6.0.3.4)
      activemodel (= 6.0.3.4)
      activesupport (= 6.0.3.4)
    activesupport (6.0.3.4)
      concurrent-ruby (~> 1.0, >= 1.0.2)
      i18n (>= 0.7, < 2)
      minitest (~> 5.1)
      tzinfo (~> 1.1)
      zeitwerk (~> 2.2, >= 2.2.2)
    acts_as_manual_list (0.1.2)
      activerecord (> 5.0)
      activesupport (> 5.0)
      lazily (~> 0.2.1)
    addressable (2.8.1)
      public_suffix (>= 2.0.2, < 6.0)
    builder (3.2.4)
    byebug (11.1.3)
    concurrent-ruby (1.1.10)
    crass (1.0.6)
    deep_preloader (1.0.1)
      activerecord (>= 5.0.0)
    erubi (1.10.0)
    ffi (1.13.1)
    i18n (1.12.0)
      concurrent-ruby (~> 1.0)
    iknow_cache (1.2.0)
    iknow_params (2.2.4)
      activesupport (> 5.0)
      json-schema (~> 2.8.0)
      tzinfo
    iknow_view_models (3.4.2)
      activerecord (>= 5.0)
      activesupport (>= 5.0)
      acts_as_manual_list
      concurrent-ruby
      deep_preloader (>= 1.0.1)
      iknow_cache
      iknow_params (~> 2.2.0)
      jbuilder
      json_schema
      keyword_builder
      lazily
      oj
      renum
      rgl
      safe_values
    jbuilder (2.11.5)
      actionview (>= 5.0.0)
      activesupport (>= 5.0.0)
    json-schema (2.8.1)
      addressable (>= 2.4)
    json_schema (0.20.9)
    keyword_builder (1.0.0)
    lazily (0.2.1)
    lazy_priority_queue (0.1.1)
    libusb (0.6.4)
      ffi (~> 1.0)
      mini_portile2 (~> 2.1)
    loofah (2.19.0)
      crass (~> 1.0.2)
      nokogiri (>= 1.5.9)
    mini_portile2 (2.8.0)
    minitest (5.16.3)
    nokogiri (1.13.9)
      mini_portile2 (~> 2.8.0)
      racc (~> 1.4)
    oj (3.10.16)
    public_suffix (4.0.6)
    racc (1.6.0)
    rails-dom-testing (2.0.3)
      activesupport (>= 4.2.0)
      nokogiri (>= 1.6)
    rails-html-sanitizer (1.4.3)
      loofah (~> 2.3)
    renum (1.4.0)
    rgl (0.5.6)
      lazy_priority_queue (~> 0.1.0)
      stream (~> 0.5.2)
    safe_values (1.0.1)
    stream (0.5.2)
    thread_safe (0.3.6)
    tzinfo (1.2.10)
      thread_safe (~> 0.1)
    zeitwerk (2.6.1)

PLATFORMS
  ruby

DEPENDENCIES
  byebug
  iknow_view_models
  keyboard_lib!

BUNDLED WITH
   2.1.4
