PATH
  remote: ../gem
  specs:
    keyboard_lib (0.1.1)
      libusb

GEM
  remote: https://rubygems.org/
  specs:
    activemodel (7.0.4.1)
      activesupport (= 7.0.4.1)
    activerecord (7.0.4.1)
      activemodel (= 7.0.4.1)
      activesupport (= 7.0.4.1)
    activesupport (7.0.4.1)
      concurrent-ruby (~> 1.0, >= 1.0.2)
      i18n (>= 1.6, < 2)
      minitest (>= 5.1)
      tzinfo (~> 2.0)
    acts_as_manual_list (0.1.2)
      activerecord (> 5.0)
      activesupport (> 5.0)
      lazily (~> 0.2.1)
    addressable (2.7.0)
      public_suffix (>= 2.0.2, < 5.0)
    byebug (11.1.3)
    concurrent-ruby (1.1.10)
    deep_preloader (1.0.1)
      activerecord (>= 5.0.0)
    ffi (1.13.1)
    i18n (1.12.0)
      concurrent-ruby (~> 1.0)
    iknow_cache (1.2.0)
    iknow_params (2.2.4)
      activesupport (> 5.0)
      json-schema (~> 2.8.0)
      tzinfo
    iknow_view_models (3.4.2)
      activerecord (>= 5.0)
      activesupport (>= 5.0)
      acts_as_manual_list
      concurrent-ruby
      deep_preloader (>= 1.0.1)
      iknow_cache
      iknow_params (~> 2.2.0)
      jbuilder
      json_schema
      keyword_builder
      lazily
      oj
      renum
      rgl
      safe_values
    jbuilder (2.10.1)
      activesupport (>= 5.0.0)
    json-schema (2.8.1)
      addressable (>= 2.4)
    json_schema (0.20.9)
    keyword_builder (1.0.0)
    lazily (0.2.1)
    lazy_priority_queue (0.1.1)
    libusb (0.6.4)
      ffi (~> 1.0)
      mini_portile2 (~> 2.1)
    mini_portile2 (2.4.0)
    minitest (5.17.0)
    oj (3.10.16)
    public_suffix (4.0.6)
    renum (1.4.0)
    rgl (0.5.6)
      lazy_priority_queue (~> 0.1.0)
      stream (~> 0.5.2)
    safe_values (1.0.1)
    stream (0.5.2)
    tzinfo (2.0.5)
      concurrent-ruby (~> 1.0)

PLATFORMS
  ruby

DEPENDENCIES
  byebug
  iknow_view_models
  keyboard_lib!

BUNDLED WITH
   2.1.4
